GEM
  remote: https://rubygems.org/
  specs:
    bson (4.14.1)
    diff-lcs (1.5.0)
    httparty (0.20.0)
      mime-types (~> 3.0)
      multi_xml (>= 0.5.2)
    mime-types (3.4.1)
      mime-types-data (~> 3.2015)
    mime-types-data (3.2022.0105)
    mongo (2.13.1)
      bson (>= 4.8.2, < 5.0.0)
    multi_xml (0.6.0)
    rspec (3.11.0)
      rspec-core (~> 3.11.0)
      rspec-expectations (~> 3.11.0)
      rspec-mocks (~> 3.11.0)
    rspec-core (3.11.0)
      rspec-support (~> 3.11.0)
    rspec-expectations (3.11.0)
      diff-lcs (>= 1.2.0, < 2.0)
      rspec-support (~> 3.11.0)
    rspec-mocks (3.11.0)
      diff-lcs (>= 1.2.0, < 2.0)
      rspec-support (~> 3.11.0)
    rspec-support (3.11.0)
    rspec_junit_formatter (0.5.1)
      rspec-core (>= 2, < 4, != 2.12.0)

PLATFORMS
  x64-mingw32

DEPENDENCIES
  httparty (= 0.20.0)
  mongo (= 2.13.1)
  rspec (= 3.11)
  rspec_junit_formatter (~> 0.5.1)

BUNDLED WITH
   2.2.21
